GEM
  remote: https://rubygems.org/
  specs:
    activesupport (4.1.6)
      i18n (~> 0.6, >= 0.6.9)
      json (~> 1.7, >= 1.7.7)
      minitest (~> 5.1)
      thread_safe (~> 0.1)
      tzinfo (~> 1.1)
    addressable (2.3.6)
    chrono (0.0.4)
      activesupport
    dotenv (1.0.2)
    faraday (0.9.0)
      multipart-post (>= 1.2, < 3)
    i18n (0.6.11)
    json (1.8.1)
    mem (0.1.5)
    minitest (5.4.2)
    multipart-post (2.0.0)
    octokit (3.4.2)
      sawyer (~> 0.5.3)
    rake (10.3.2)
    redis (3.1.0)
    redis-namespace (1.5.1)
      redis (~> 3.0, >= 3.0.4)
    ruboty (1.0.4)
      activesupport
      bundler
      dotenv
      mem
      slop
    ruboty-alias (0.0.3)
      ruboty
    ruboty-cron (0.0.9)
      activesupport
      chrono
      ruboty (>= 0.2.0)
    ruboty-github (0.1.0)
      activesupport
      octokit
      ruboty
    ruboty-redis (0.0.5)
      redis
      redis-namespace
      ruboty
    ruboty-slack (0.1.7)
      ruboty (>= 1.0.4)
      xrc (>= 0.0.6)
    sawyer (0.5.5)
      addressable (~> 2.3.5)
      faraday (~> 0.8, < 0.10)
    slop (3.6.0)
    thread_safe (0.3.4)
    tzinfo (1.2.2)
      thread_safe (~> 0.1)
    xrc (0.1.4)
      activesupport

PLATFORMS
  ruby

DEPENDENCIES
  rake
  ruboty-alias
  ruboty-cron
  ruboty-github
  ruboty-redis
  ruboty-slack
