GIT
  remote: git://github.com/a2ikm/ruboty-call.git
  revision: a4bbb7120d2b6905af830ab94491d0a1c5d3f025
  branch: record_option
  specs:
    ruboty-call (1.0.0)
      ruboty
      twilio-ruby

GIT
  remote: git://github.com/a2ikm/ruboty-contacts.git
  revision: f4bf90d59a68c72185c949f9dc7d822078d2dd53
  specs:
    ruboty-contacts (0.1.0)
      activesupport
      ruboty
      ruboty-call

GEM
  remote: https://rubygems.org/
  specs:
    activesupport (5.1.4)
      concurrent-ruby (~> 1.0, >= 1.0.2)
      i18n (~> 0.7)
      minitest (~> 5.1)
      tzinfo (~> 1.1)
    chrono (0.4.0)
      activesupport
    concurrent-ruby (1.0.5)
    dotenv (2.2.1)
    faraday (0.13.1)
      multipart-post (>= 1.2, < 3)
    i18n (0.9.0)
      concurrent-ruby (~> 1.0)
    jwt (1.5.6)
    libxml-ruby (3.0.0)
    mem (0.1.5)
    minitest (5.10.3)
    multipart-post (2.0.0)
    rake (12.1.0)
    redis (3.3.5)
    redis-namespace (1.5.3)
      redis (~> 3.0, >= 3.0.4)
    ruboty (1.3.0)
      activesupport
      bundler
      dotenv
      mem
      slop
    ruboty-cron (1.1.0)
      activesupport
      chrono
      ruboty (>= 0.2.0)
    ruboty-echo (0.1.0)
      ruboty
    ruboty-redis (0.0.6)
      redis
      redis-namespace
      ruboty
    ruboty-ruby (0.0.2)
      ruboty
    ruboty-slack (0.1.12)
      ruboty (>= 1.0.4)
      xrc (>= 0.1.8)
    slop (4.6.0)
    thread_safe (0.3.6)
    twilio-ruby (5.4.2)
      faraday (~> 0.9)
      jwt (~> 1.5)
      libxml-ruby (>= 2.0, < 4.0)
    tzinfo (1.2.3)
      thread_safe (~> 0.1)
    xrc (0.1.8)
      activesupport

PLATFORMS
  ruby

DEPENDENCIES
  rake
  ruboty-call!
  ruboty-contacts!
  ruboty-cron
  ruboty-echo
  ruboty-redis
  ruboty-ruby (>= 0.0.2)
  ruboty-slack

BUNDLED WITH
   1.15.4
