GEM
  remote: https://rubygems.org/
  specs:
    activesupport (4.2.1)
      i18n (~> 0.7)
      json (~> 1.7, >= 1.7.7)
      minitest (~> 5.1)
      thread_safe (~> 0.3, >= 0.3.4)
      tzinfo (~> 1.1)
    chrono (0.0.6)
      activesupport
    dotenv (2.0.1)
    i18n (0.7.0)
    json (1.8.2)
    mem (0.1.5)
    minitest (5.5.1)
    rake (10.4.2)
    redis (3.2.1)
    redis-namespace (1.5.2)
      redis (~> 3.0, >= 3.0.4)
    ruboty (1.2.1)
      activesupport
      bundler
      dotenv
      mem
      slop
    ruboty-cron (1.0.0)
      activesupport
      chrono
      ruboty (>= 0.2.0)
    ruboty-echo (0.1.0)
      ruboty
    ruboty-redis (0.0.5)
      redis
      redis-namespace
      ruboty
    ruboty-ruby (0.0.2)
      ruboty
    ruboty-slack (0.1.7)
      ruboty (>= 1.0.4)
      xrc (>= 0.0.6)
    slop (3.6.0)
    thread_safe (0.3.5)
    tzinfo (1.2.2)
      thread_safe (~> 0.1)
    xrc (0.1.5)
      activesupport

PLATFORMS
  ruby

DEPENDENCIES
  rake
  ruboty-cron
  ruboty-echo
  ruboty-redis
  ruboty-ruby (>= 0.0.2)
  ruboty-slack
