GIT
  remote: git://github.com/a2ikm/ruboty-contacts.git
  revision: f4bf90d59a68c72185c949f9dc7d822078d2dd53
  specs:
    ruboty-contacts (0.1.0)
      activesupport
      ruboty
      ruboty-call

GEM
  remote: https://rubygems.org/
  specs:
    activesupport (4.2.1)
      i18n (~> 0.7)
      json (~> 1.7, >= 1.7.7)
      minitest (~> 5.1)
      thread_safe (~> 0.3, >= 0.3.4)
      tzinfo (~> 1.1)
    builder (3.2.2)
    chrono (0.0.6)
      activesupport
    dotenv (2.0.1)
    i18n (0.7.0)
    json (1.8.2)
    jwt (1.4.1)
    mem (0.1.5)
    minitest (5.5.1)
    multi_json (1.11.0)
    rake (10.4.2)
    redis (3.2.1)
    redis-namespace (1.5.2)
      redis (~> 3.0, >= 3.0.4)
    ruboty (1.2.1)
      activesupport
      bundler
      dotenv
      mem
      slop
    ruboty-call (1.0.0)
      ruboty
      twilio-ruby
    ruboty-cron (1.0.0)
      activesupport
      chrono
      ruboty (>= 0.2.0)
    ruboty-echo (0.1.0)
      ruboty
    ruboty-redis (0.0.5)
      redis
      redis-namespace
      ruboty
    ruboty-ruby (0.0.2)
      ruboty
    ruboty-slack (0.1.7)
      ruboty (>= 1.0.4)
      xrc (>= 0.0.6)
    slop (4.0.0)
    thread_safe (0.3.5)
    twilio-ruby (3.16.1)
      builder (>= 2.1.2)
      jwt (~> 1.0)
      multi_json (>= 1.3.0)
    tzinfo (1.2.2)
      thread_safe (~> 0.1)
    xrc (0.1.5)
      activesupport

PLATFORMS
  ruby

DEPENDENCIES
  rake
  ruboty-contacts!
  ruboty-cron
  ruboty-echo
  ruboty-redis
  ruboty-ruby (>= 0.0.2)
  ruboty-slack
